GEM
  remote: https://rubygems.org/
  specs:
    avro (1.7.7)
      multi_json
    minitest (5.5.0)
    multi_json (1.10.1)
    oj (2.10.4)
    rake (10.4.2)
    vert (0.2.1)
      avro (~> 1.7.5)
      oj (~> 2.10.2)

PLATFORMS
  ruby

DEPENDENCIES
  minitest
  oj
  rake
  vert
