GEM
  remote: https://rubygems.org/
  specs:
    avro (1.7.7)
      multi_json
    coderay (1.1.0)
    method_source (0.8.2)
    minitest (5.5.0)
    multi_json (1.10.1)
    oj (2.10.4)
    pry (0.10.1)
      coderay (~> 1.1.0)
      method_source (~> 0.8.1)
      slop (~> 3.4)
    rake (10.4.2)
    slop (3.6.0)
    vert (0.2.1)
      avro (~> 1.7.5)
      oj (~> 2.10.2)

PLATFORMS
  ruby

DEPENDENCIES
  minitest
  oj
  pry
  rake
  vert
